PATH
  remote: .
  specs:
    clima_tempo (2.4)
      nokogiri (>= 1.5.9)

GEM
  remote: http://rubygems.org/
  specs:
    diff-lcs (1.2.3)
    fakeweb (1.3.0)
    mini_portile (0.5.1)
    nokogiri (1.6.0)
      mini_portile (~> 0.5.0)
    rspec (2.13.0)
      rspec-core (~> 2.13.0)
      rspec-expectations (~> 2.13.0)
      rspec-mocks (~> 2.13.0)
    rspec-core (2.13.1)
    rspec-expectations (2.13.0)
      diff-lcs (>= 1.1.3, < 2.0)
    rspec-mocks (2.13.1)

PLATFORMS
  ruby

DEPENDENCIES
  clima_tempo!
  fakeweb (>= 1.3)
  rspec (>= 2.13.0)
